GEM
  remote: https://rubygems.org/
  specs:
    activesupport (5.2.1)
      concurrent-ruby (~> 1.0, >= 1.0.2)
      i18n (>= 0.7, < 2)
      minitest (~> 5.1)
      tzinfo (~> 1.1)
    async (1.11.0)
      nio4r (~> 2.3)
      timers (~> 4.1)
    async-container (0.8.1)
      async (~> 1.0)
      async-io (~> 1.4)
    async-http (0.37.6)
      async (~> 1.6)
      async-io (~> 1.16)
      http-protocol (~> 0.10)
    async-io (1.17.2)
      async (~> 1.3)
    backports (3.11.4)
    concurrent-ruby (1.1.3)
    falcon (0.19.6)
      async-container (~> 0.8.0)
      async-http (~> 0.37.2)
      async-io (~> 1.9)
      http-protocol (~> 0.10.0)
      localhost (~> 1.1)
      rack (>= 1.0)
      samovar (~> 1.3)
    http-hpack (0.1.1)
    http-protocol (0.10.1)
      http-hpack (~> 0.1.0)
    i18n (1.1.1)
      concurrent-ruby (~> 1.0)
    localhost (1.1.4)
    mapping (1.1.1)
    minitest (5.11.3)
    multi_json (1.13.1)
    mustermann (1.0.3)
    nio4r (2.3.1)
    nio4r (2.3.1-java)
    puma (3.12.0)
    puma (3.12.0-java)
    rack (2.0.6)
    rack-protection (2.0.4)
      rack
    rainbow (3.0.0)
    samovar (1.9.1)
      mapping (~> 1.0)
      rainbow (>= 2.0, < 4.0)
    sinatra (2.0.4)
      mustermann (~> 1.0)
      rack (~> 2.0)
      rack-protection (= 2.0.4)
      tilt (~> 2.0)
    sinatra-contrib (2.0.4)
      activesupport (>= 4.0.0)
      backports (>= 2.8.2)
      multi_json
      mustermann (~> 1.0)
      rack-protection (= 2.0.4)
      sinatra (= 2.0.4)
      tilt (>= 1.3, < 3)
    thread_safe (0.3.6)
    thread_safe (0.3.6-java)
    tilt (2.0.8)
    timers (4.2.0)
    tzinfo (1.2.5)
      thread_safe (~> 0.1)

PLATFORMS
  java
  ruby

DEPENDENCIES
  falcon
  puma
  sinatra
  sinatra-contrib

BUNDLED WITH
   1.17.2
